GIT
  remote: git://github.com/spine/spine-rails.git
  revision: 4e53b6963628a0509ba9a33bfd1956c318714d4b
  specs:
    spine-rails (0.1.3)
      json2-rails (>= 0.0.2)
      rails (>= 3.1.0)

GIT
  remote: git@github.com:OtherMeans/oms-i18n.git
  revision: 57f85135e8d34dca774d3cc322c748eaf0de8544
  specs:
    oms-i18n (0.0.1)
      rails (~> 3.2.13)

GIT
  remote: https://github.com/threedaymonk/htmlentities.git
  revision: a68cc5ce9ad6ffaa06623a97d319ead4238bd1a0
  specs:
    htmlentities (4.3.2)

PATH
  remote: /Users/raed/Sites/OM/oms
  specs:
    oms (0.0.4)
      active_model_serializers (~> 0.8.0)
      acts-as-taggable-on (~> 2.3.1)
      carrierwave
      coffee-rails
      color
      compass-rails
      devise
      execjs (= 1.4.0)
      exojs
      haml
      haml-rails
      haml_coffee_assets
      jquery-fileupload-rails
      jquery-rails
      json2-rails
      kaminari
      mini_magick
      momentjs-rails (~> 2.5.1)
      multi_json (= 1.7.8)
      nokogiri
      paper_trail (= 3.0.0.rc1)
      rails (~> 3.2.18)
      ranked-model
      redcarpet
      routing_concerns
      sass-rails
      state_machine
      strong_parameters
      sunspot (= 2.0.0)
      sunspot_rails (= 2.0.0)
      sunspot_solr (= 2.0.0)
      underscore-rails

GEM
  remote: https://rubygems.org/
  specs:
    actionmailer (3.2.18)
      actionpack (= 3.2.18)
      mail (~> 2.5.4)
    actionpack (3.2.18)
      activemodel (= 3.2.18)
      activesupport (= 3.2.18)
      builder (~> 3.0.0)
      erubis (~> 2.7.0)
      journey (~> 1.0.4)
      rack (~> 1.4.5)
      rack-cache (~> 1.2)
      rack-test (~> 0.6.1)
      sprockets (~> 2.2.1)
    active_model_serializers (0.8.3)
      activemodel (>= 3.0)
    activemodel (3.2.18)
      activesupport (= 3.2.18)
      builder (~> 3.0.0)
    activerecord (3.2.18)
      activemodel (= 3.2.18)
      activesupport (= 3.2.18)
      arel (~> 3.0.2)
      tzinfo (~> 0.3.29)
    activeresource (3.2.18)
      activemodel (= 3.2.18)
      activesupport (= 3.2.18)
    activesupport (3.2.18)
      i18n (~> 0.6, >= 0.6.4)
      multi_json (~> 1.0)
    acts-as-taggable-on (2.3.3)
      rails (~> 3.0)
    arel (3.0.3)
    bcrypt (3.1.10)
    browser (0.1.6)
    browsernizer (0.2.1)
      browser (~> 0.1.4)
    builder (3.0.4)
    carrierwave (0.10.0)
      activemodel (>= 3.2.0)
      activesupport (>= 3.2.0)
      json (>= 1.7)
      mime-types (>= 1.16)
    childprocess (0.5.3)
      ffi (~> 1.0, >= 1.0.11)
    chronic (0.10.2)
    chunky_png (1.3.3)
    coderay (1.1.0)
    coffee-rails (3.2.2)
      coffee-script (>= 2.2.0)
      railties (~> 3.2.0)
    coffee-script (2.3.0)
      coffee-script-source
      execjs
    coffee-script-source (1.8.0)
    color (1.7.1)
    colorize (0.7.3)
    compass (0.12.2)
      chunky_png (~> 1.2)
      fssm (>= 0.2.7)
      sass (~> 3.1)
    compass-rails (2.0.0)
      compass (>= 0.12.2)
    devise (3.4.1)
      bcrypt (~> 3.0)
      orm_adapter (~> 0.1)
      railties (>= 3.2.6, < 5)
      responders
      thread_safe (~> 0.1)
      warden (~> 1.2.3)
    diff-lcs (1.2.5)
    domain_name (0.5.19)
      unf (>= 0.0.5, < 1.0.0)
    eco (1.0.0)
      coffee-script
      eco-source
      execjs
    eco-source (1.1.0.rc.1)
    erubis (2.7.0)
    execjs (1.4.0)
      multi_json (~> 1.0)
    exojs (0.2.1)
    ffi (1.9.3)
    fssm (0.2.10)
    haml (4.0.6)
      tilt
    haml-rails (0.4)
      actionpack (>= 3.1, < 4.1)
      activesupport (>= 3.1, < 4.1)
      haml (>= 3.1, < 4.1)
      railties (>= 3.1, < 4.1)
    haml_coffee_assets (1.16.0)
      coffee-script (~> 2.0)
      sprockets (~> 2.0)
      tilt (~> 1.1)
    hike (1.2.3)
    http-cookie (1.0.2)
      domain_name (~> 0.5)
    i18n (0.7.0)
    jasmine (1.3.2)
      jasmine-core (~> 1.3.1)
      rack (~> 1.0)
      rspec (>= 1.3.1)
      selenium-webdriver (>= 0.1.3)
    jasmine-core (1.3.1)
    jasmine-rails (0.4.4)
      jasmine-core (~> 1.3)
      rails (>= 3.1.0)
      sprockets-rails
    journey (1.0.4)
    jquery-fileupload-rails (0.4.4)
      actionpack (>= 3.1)
      railties (>= 3.1)
      sass (>= 3.2)
    jquery-rails (3.1.2)
      railties (>= 3.0, < 5.0)
      thor (>= 0.14, < 2.0)
    json (1.8.2)
    json2-rails (1.1.0)
    kaminari (0.16.2)
      actionpack (>= 3.0.0)
      activesupport (>= 3.0.0)
    kgio (2.9.2)
    libv8 (3.16.14.3)
    mail (2.5.4)
      mime-types (~> 1.16)
      treetop (~> 1.4.8)
    mechanize (2.7.2)
      domain_name (~> 0.5, >= 0.5.1)
      http-cookie (~> 1.0.0)
      mime-types (~> 1.17, >= 1.17.2)
      net-http-digest_auth (~> 1.1, >= 1.1.1)
      net-http-persistent (~> 2.5, >= 2.5.2)
      nokogiri (~> 1.4)
      ntlm-http (~> 0.1, >= 0.1.1)
      webrobots (>= 0.0.9, < 0.2)
    method_source (0.8.2)
    mime-types (1.25.1)
    mini_magick (4.0.3)
    mini_portile (0.6.2)
    momentjs-rails (2.5.1)
      railties (>= 3.1)
    multi_json (1.7.8)
    mysql2 (0.3.16)
    net-http-digest_auth (1.4)
    net-http-persistent (2.9.4)
    nokogiri (1.6.6.2)
      mini_portile (~> 0.6.0)
    ntlm-http (0.1.1)
    open4 (1.3.4)
    orm_adapter (0.5.0)
    paper_trail (3.0.0.rc1)
      activerecord (>= 3.0, < 5.0)
      activesupport (>= 3.0, < 5.0)
    pg (0.17.1)
    polyglot (0.3.5)
    pr_geohash (1.0.0)
    pry (0.10.0)
      coderay (~> 1.1.0)
      method_source (~> 0.8.1)
      slop (~> 3.4)
    rack (1.4.5)
    rack-a_day_without (0.0.3)
      rack (~> 1.4)
      tzinfo (>= 0.3.29)
    rack-cache (1.2)
      rack (>= 0.4)
    rack-ssl (1.3.4)
      rack
    rack-test (0.6.3)
      rack (>= 1.0)
    rails (3.2.18)
      actionmailer (= 3.2.18)
      actionpack (= 3.2.18)
      activerecord (= 3.2.18)
      activeresource (= 3.2.18)
      activesupport (= 3.2.18)
      bundler (~> 1.0)
      railties (= 3.2.18)
    railties (3.2.18)
      actionpack (= 3.2.18)
      activesupport (= 3.2.18)
      rack-ssl (~> 1.3.2)
      rake (>= 0.8.7)
      rdoc (~> 3.4)
      thor (>= 0.14.6, < 2.0)
    raindrops (0.13.0)
    rake (10.4.2)
    rake-remote_task (2.2.2)
      open4 (~> 1.0)
      rake (>= 0.8, < 11.0)
    ranked-model (0.4.0)
      activerecord (>= 3.1.12)
    rdoc (3.12.2)
      json (~> 1.4)
    redcarpet (3.2.2)
    ref (1.0.5)
    responders (1.1.2)
      railties (>= 3.2, < 4.2)
    reverse_markdown (0.5.1)
      nokogiri
    routing_concerns (0.1.0)
      actionpack (>= 3.2.0)
      activemodel (>= 3.2.0)
      railties (>= 3.2.0)
    rsolr (1.0.10)
      builder (>= 2.1.2)
    rspec (3.0.0)
      rspec-core (~> 3.0.0)
      rspec-expectations (~> 3.0.0)
      rspec-mocks (~> 3.0.0)
    rspec-core (3.0.3)
      rspec-support (~> 3.0.0)
    rspec-expectations (3.0.3)
      diff-lcs (>= 1.2.0, < 2.0)
      rspec-support (~> 3.0.0)
    rspec-mocks (3.0.3)
      rspec-support (~> 3.0.0)
    rspec-support (3.0.3)
    ruby-haml-js (0.0.5)
      execjs
      sprockets (>= 2.0.0)
    rubyzip (1.1.6)
    sass (3.2.11)
    sass-rails (3.2.6)
      railties (~> 3.2.0)
      sass (>= 3.1.10)
      tilt (~> 1.3)
    selenium-webdriver (2.42.0)
      childprocess (>= 0.5.0)
      multi_json (~> 1.0)
      rubyzip (~> 1.0)
      websocket (~> 1.0.4)
    slop (3.6.0)
    sprockets (2.2.3)
      hike (~> 1.2)
      multi_json (~> 1.0)
      rack (~> 1.0)
      tilt (~> 1.1, != 1.3.0)
    sprockets-commonjs (0.0.5)
      sprockets (~> 2.1)
    sprockets-rails (0.0.1)
      sprockets (>= 1.0.2)
    sqlite3 (1.3.9)
    state_machine (1.2.0)
    strong_parameters (0.2.3)
      actionpack (~> 3.0)
      activemodel (~> 3.0)
      activesupport (~> 3.0)
      railties (~> 3.0)
    sunspot (2.0.0)
      pr_geohash (~> 1.0)
      rsolr (~> 1.0.7)
    sunspot_rails (2.0.0)
      nokogiri
      sunspot (= 2.0.0)
    sunspot_solr (2.0.0)
    sunspot_test (0.4.0)
      sunspot_rails (>= 1.2.1)
    therubyracer (0.12.1)
      libv8 (~> 3.16.14.0)
      ref
    thor (0.19.1)
    thread_safe (0.3.4)
    tilt (1.4.1)
    treetop (1.4.15)
      polyglot
      polyglot (>= 0.3.1)
    tzinfo (0.3.43)
    uglifier (2.5.3)
      execjs (>= 0.3.0)
      json (>= 1.8.0)
    underscore-rails (1.6.0)
    unf (0.1.4)
      unf_ext
    unf_ext (0.0.6)
    unicorn (4.8.3)
      kgio (~> 2.6)
      rack
      raindrops (~> 0.7)
    vlad (2.5.1)
      rake (>= 0.8, < 11.0)
      rake-remote_task (~> 2.1)
    vlad-extras (0.7.3)
      rake-remote_task (~> 2.1)
      vlad (>= 2.2.4, < 3)
    vlad-git (2.2.0)
      vlad (>= 2.1.0)
    vlad-nginx (1.0.0)
      vlad (~> 2)
    vlad-unicorn (2.3.1)
      vlad (~> 2.0)
    warden (1.2.3)
      rack (>= 1.0)
    webrobots (0.1.1)
    websocket (1.0.7)

PLATFORMS
  ruby

DEPENDENCIES
  browsernizer (= 0.2.1)
  chronic
  coffee-rails (~> 3.2.1)
  colorize
  compass-rails
  eco (= 1.0.0)
  haml
  haml-rails
  haml_coffee_assets (= 1.16.0)
  htmlentities!
  jasmine
  jasmine-rails (= 0.4.4)
  jquery-rails
  mechanize
  momentjs-rails (~> 2.5.0)
  multi_json (= 1.7.8)
  mysql2
  oms!
  oms-i18n!
  pg
  pry
  rack-a_day_without
  rails (= 3.2.18)
  reverse_markdown
  ruby-haml-js (= 0.0.5)
  sass (= 3.2.11)
  sass-rails (~> 3.2.3)
  spine-rails!
  sprockets-commonjs
  sqlite3
  sunspot (= 2.0.0)
  sunspot_solr (= 2.0.0)
  sunspot_test
  therubyracer
  uglifier (>= 1.0.3)
  underscore-rails (= 1.6.0)
  unicorn
  vlad (= 2.5.1)
  vlad-extras
  vlad-git
  vlad-nginx
  vlad-unicorn
